PATH
  remote: .
  specs:
    psn_trophies (0.0.2)
      nokogiri (~> 1.5.0)

GEM
  remote: http://rubygems.org/
  specs:
    fakeweb (1.3.0)
    minitest (2.6.1)
    nokogiri (1.5.0)

PLATFORMS
  ruby

DEPENDENCIES
  fakeweb
  minitest
  nokogiri (~> 1.5.0)
  psn_trophies!
